GEM
  remote: http://rubygems.org/
  specs:
    daemons (1.1.5)
    eventmachine (0.12.10)
    json_pure (1.6.4)
    mime-types (1.17.2)
    nats (0.4.22.beta.4)
      daemons (>= 1.1.4)
      eventmachine (>= 0.12.10)
      json_pure (>= 1.6.1)
      thin (>= 1.3.1)
    rack (1.4.0)
    rest-client (1.6.7)
      mime-types (>= 1.16)
    thin (1.3.1)
      daemons (>= 1.0.9)
      eventmachine (>= 0.12.6)
      rack (>= 1.0.0)
    yajl-ruby (0.8.2)

PLATFORMS
  ruby

DEPENDENCIES
  nats (~> 0.4.22.beta.4)
  rest-client
  yajl-ruby
